GEM
  remote: https://rubygems.org/
  specs:
    diff-lcs (1.3)
    json (2.1.0)
    mustermann (1.0.2)
    rack (2.0.5)
    rack-protection (2.0.1)
      rack
    rspec (3.7.0)
      rspec-core (~> 3.7.0)
      rspec-expectations (~> 3.7.0)
      rspec-mocks (~> 3.7.0)
    rspec-core (3.7.1)
      rspec-support (~> 3.7.0)
    rspec-expectations (3.7.0)
      diff-lcs (>= 1.2.0, < 2.0)
      rspec-support (~> 3.7.0)
    rspec-mocks (3.7.0)
      diff-lcs (>= 1.2.0, < 2.0)
      rspec-support (~> 3.7.0)
    rspec-support (3.7.1)
    sinatra (2.0.1)
      mustermann (~> 1.0)
      rack (~> 2.0)
      rack-protection (= 2.0.1)
      tilt (~> 2.0)
    tic_tac_toe_rz (1.1.00)
    tilt (2.0.8)

PLATFORMS
  ruby

DEPENDENCIES
  json
  rspec
  sinatra
  tic_tac_toe_rz

RUBY VERSION
   ruby 2.4.4p296

BUNDLED WITH
   1.16.2
